PATH
  remote: .
  specs:
    rulers (0.0.2)

GEM
  remote: https://rubygems.org/
  specs:
    power_assert (1.1.3)
    rack (2.2.2)
    rack-test (0.5.0)
    rake (10.5.0)
    test-unit (3.2.8)
      power_assert

PLATFORMS
  ruby

DEPENDENCIES
  bundler (~> 1.16)
  rack (~> 2)
  rack-test
  rake (~> 10.0)
  rulers!
  test-unit

BUNDLED WITH
   1.16.2
