PATH
  remote: .
  specs:
    rulers (0.0.2)

GEM
  remote: https://rubygems.org/
  specs:
    power_assert (1.1.3)
    rack (0.9.1)
    rack-test (0.5.0)
    rake (13.0.1)
    test-unit (3.2.8)
      power_assert

PLATFORMS
  ruby

DEPENDENCIES
  bundler (~> 1.16)
  rack (~> 0)
  rack-test
  rake (~> 13.0)
  rulers!
  test-unit

BUNDLED WITH
   1.16.2
